PATH
  remote: .
  specs:
    good_job (3.20.0)
      activejob (>= 6.0.0)
      activerecord (>= 6.0.0)
      concurrent-ruby (>= 1.0.2)
      fugit (>= 1.1)
      railties (>= 6.0.0)
      thor (>= 0.14.1)

GEM
  remote: https://rubygems.org/
  specs:
    actioncable (7.1.1)
      actionpack (= 7.1.1)
      activesupport (= 7.1.1)
      nio4r (~> 2.0)
      websocket-driver (>= 0.6.1)
      zeitwerk (~> 2.6)
    actionmailbox (7.1.1)
      actionpack (= 7.1.1)
      activejob (= 7.1.1)
      activerecord (= 7.1.1)
      activestorage (= 7.1.1)
      activesupport (= 7.1.1)
      mail (>= 2.7.1)
      net-imap
      net-pop
      net-smtp
    actionmailer (7.1.1)
      actionpack (= 7.1.1)
      actionview (= 7.1.1)
      activejob (= 7.1.1)
      activesupport (= 7.1.1)
      mail (~> 2.5, >= 2.5.4)
      net-imap
      net-pop
      net-smtp
      rails-dom-testing (~> 2.2)
    actionpack (7.1.1)
      actionview (= 7.1.1)
      activesupport (= 7.1.1)
      nokogiri (>= 1.8.5)
      rack (>= 2.2.4)
      rack-session (>= 1.0.1)
      rack-test (>= 0.6.3)
      rails-dom-testing (~> 2.2)
      rails-html-sanitizer (~> 1.6)
    actiontext (7.1.1)
      actionpack (= 7.1.1)
      activerecord (= 7.1.1)
      activestorage (= 7.1.1)
      activesupport (= 7.1.1)
      globalid (>= 0.6.0)
      nokogiri (>= 1.8.5)
    actionview (7.1.1)
      activesupport (= 7.1.1)
      builder (~> 3.1)
      erubi (~> 1.11)
      rails-dom-testing (~> 2.2)
      rails-html-sanitizer (~> 1.6)
    activejob (7.1.1)
      activesupport (= 7.1.1)
      globalid (>= 0.3.6)
    activemodel (7.1.1)
      activesupport (= 7.1.1)
    activerecord (7.1.1)
      activemodel (= 7.1.1)
      activesupport (= 7.1.1)
      timeout (>= 0.4.0)
    activerecord-explain-analyze (0.1.0)
      activerecord (>= 4)
      pg
    activerecord-jdbc-adapter (70.1-java)
      activerecord (~> 7.0)
    activerecord-jdbcpostgresql-adapter (70.1-java)
      activerecord-jdbc-adapter (= 70.1)
      jdbc-postgres (>= 9.4, < 43)
    activestorage (7.1.1)
      actionpack (= 7.1.1)
      activejob (= 7.1.1)
      activerecord (= 7.1.1)
      activesupport (= 7.1.1)
      marcel (~> 1.0)
    activesupport (7.1.1)
      base64
      bigdecimal
      concurrent-ruby (~> 1.0, >= 1.0.2)
      connection_pool (>= 2.2.5)
      drb
      i18n (>= 1.6, < 2)
      minitest (>= 5.1)
      mutex_m
      tzinfo (~> 2.0)
    addressable (2.8.5)
      public_suffix (>= 2.0.2, < 6.0)
    appraisal (2.5.0)
      bundler
      rake
      thor (>= 0.14.0)
    ast (2.4.2)
    async (2.6.5)
      console (~> 1.10)
      fiber-annotation
      io-event (~> 1.1)
      timers (~> 4.1)
    async-http (0.61.0)
      async (>= 1.25)
      async-io (>= 1.28)
      async-pool (>= 0.2)
      protocol-http (~> 0.25.0)
      protocol-http1 (~> 0.16.0)
      protocol-http2 (~> 0.15.0)
      traces (>= 0.10.0)
    async-http-faraday (0.12.0)
      async-http (~> 0.42)
      faraday
    async-io (1.36.1)
      async
    async-pool (0.4.0)
      async (>= 1.25)
    base64 (0.1.1)
    benchmark-ips (2.12.0)
    better_html (2.0.2)
      actionview (>= 6.0)
      activesupport (>= 6.0)
      ast (~> 2.0)
      erubi (~> 1.4)
      parser (>= 2.4)
      smart_properties
    bigdecimal (3.1.4)
    bigdecimal (3.1.4-java)
    builder (3.2.4)
    byebug (11.1.3)
    capybara (3.39.2)
      addressable
      matrix
      mini_mime (>= 0.1.3)
      nokogiri (~> 1.8)
      rack (>= 1.6.0)
      rack-test (>= 0.6.3)
      regexp_parser (>= 1.5, < 3.0)
      xpath (~> 3.2)
    chef-utils (18.3.0)
      concurrent-ruby
    coderay (1.1.3)
    concurrent-ruby (1.2.2)
    connection_pool (2.4.1)
    console (1.23.2)
      fiber-annotation
      fiber-local
    crass (1.0.6)
    date (3.3.3)
    date (3.3.3-java)
    diff-lcs (1.5.0)
    dotenv (2.8.1)
    drb (2.1.1)
      ruby2_keywords
    easy_translate (0.5.1)
      thread
      thread_safe
    erb_lint (0.5.0)
      activesupport
      better_html (>= 2.0.1)
      parser (>= 2.7.1.4)
      rainbow
      rubocop
      smart_properties
    erubi (1.12.0)
    et-orbi (1.2.7)
      tzinfo
    faraday (2.7.11)
      base64
      faraday-net_http (>= 2.0, < 3.1)
      ruby2_keywords (>= 0.0.4)
    faraday-http-cache (2.5.0)
      faraday (>= 0.8)
    faraday-net_http (3.0.2)
    ffi (1.16.3)
    ffi (1.16.3-java)
    fiber-annotation (0.2.0)
    fiber-local (1.0.0)
    foreman (0.87.2)
    fugit (1.9.0)
      et-orbi (~> 1, >= 1.2.7)
      raabro (~> 1.4)
    gem-release (2.2.2)
    github_changelog_generator (1.16.4)
      activesupport
      async (>= 1.25.0)
      async-http-faraday
      faraday-http-cache
      multi_json
      octokit (~> 4.6)
      rainbow (>= 2.2.1)
      rake (>= 10.0)
    globalid (1.2.1)
      activesupport (>= 6.1)
    highline (2.1.0)
    i18n (1.14.1)
      concurrent-ruby (~> 1.0)
    i18n-tasks (1.0.13)
      activesupport (>= 4.0.2)
      ast (>= 2.1.0)
      better_html (>= 1.0, < 3.0)
      erubi
      highline (>= 2.0.0)
      i18n
      parser (>= 3.2.2.1)
      rails-i18n
      rainbow (>= 2.2.2, < 4.0)
      terminal-table (>= 1.5.1)
    io-console (0.6.0)
    io-console (0.6.0-java)
    io-event (1.3.3)
    irb (1.8.3)
      rdoc
      reline (>= 0.3.8)
    jar-dependencies (0.4.1)
    jdbc-postgres (42.6.0)
    json (2.6.3)
    json (2.6.3-java)
    kramdown (2.4.0)
      rexml
    kramdown-parser-gfm (1.1.0)
      kramdown (~> 2.0)
    language_server-protocol (3.17.0.3)
    loofah (2.21.4)
      crass (~> 1.0.2)
      nokogiri (>= 1.12.0)
    mail (2.8.1)
      mini_mime (>= 0.1.1)
      net-imap
      net-pop
      net-smtp
    marcel (1.0.2)
    matrix (0.4.2)
    mdl (0.13.0)
      kramdown (~> 2.3)
      kramdown-parser-gfm (~> 1.1)
      mixlib-cli (~> 2.1, >= 2.1.1)
      mixlib-config (>= 2.2.1, < 4)
      mixlib-shellout
    method_source (1.0.0)
    mini_mime (1.1.5)
    minitest (5.20.0)
    mixlib-cli (2.1.8)
    mixlib-config (3.0.27)
      tomlrb
    mixlib-shellout (3.2.7)
      chef-utils
    msgpack (1.7.2)
    msgpack (1.7.2-java)
    multi_json (1.15.0)
    mutex_m (0.1.2)
    net-imap (0.4.3)
      date
      net-protocol
    net-pop (0.1.2)
      net-protocol
    net-protocol (0.2.1)
      timeout
    net-smtp (0.4.0)
      net-protocol
    netrc (0.11.0)
    nio4r (2.5.9)
    nio4r (2.5.9-java)
    nokogiri (1.15.4-arm64-darwin)
      racc (~> 1.4)
    nokogiri (1.15.4-java)
      racc (~> 1.4)
    nokogiri (1.15.4-x86_64-darwin)
      racc (~> 1.4)
    nokogiri (1.15.4-x86_64-linux)
      racc (~> 1.4)
    octokit (4.25.1)
      faraday (>= 1, < 3)
      sawyer (~> 0.9)
    optimist (3.1.0)
    parallel (1.23.0)
    parser (3.2.2.4)
      ast (~> 2.4.1)
      racc
    pg (1.5.4)
    prettier_print (1.2.1)
    prism (0.16.0)
    protocol-hpack (1.4.2)
    protocol-http (0.25.0)
    protocol-http1 (0.16.0)
      protocol-http (~> 0.22)
    protocol-http2 (0.15.1)
      protocol-hpack (~> 1.4)
      protocol-http (~> 0.18)
    pry (0.14.2)
      coderay (~> 1.1)
      method_source (~> 1.0)
    pry (0.14.2-java)
      coderay (~> 1.1)
      method_source (~> 1.0)
      spoon (~> 0.0)
    pry-byebug (3.10.1)
      byebug (~> 11.0)
      pry (>= 0.13, < 0.15)
    pry-rails (0.3.9)
      pry (>= 0.10.4)
    psych (5.1.1.1)
      stringio
    psych (5.1.1.1-java)
      jar-dependencies (>= 0.1.7)
    public_suffix (5.0.3)
    puma (5.6.7)
      nio4r (~> 2.0)
    puma (5.6.7-java)
      nio4r (~> 2.0)
    raabro (1.4.0)
    racc (1.7.2)
    racc (1.7.2-java)
    rack (2.2.8)
    rack-mini-profiler (3.1.1)
      rack (>= 1.2.0)
    rack-session (1.0.1)
      rack (< 3)
    rack-test (2.1.0)
      rack (>= 1.3)
    rackup (1.0.0)
      rack (< 3)
      webrick
    rails (7.1.1)
      actioncable (= 7.1.1)
      actionmailbox (= 7.1.1)
      actionmailer (= 7.1.1)
      actionpack (= 7.1.1)
      actiontext (= 7.1.1)
      actionview (= 7.1.1)
      activejob (= 7.1.1)
      activemodel (= 7.1.1)
      activerecord (= 7.1.1)
      activestorage (= 7.1.1)
      activesupport (= 7.1.1)
      bundler (>= 1.15.0)
      railties (= 7.1.1)
    rails-dom-testing (2.2.0)
      activesupport (>= 5.0.0)
      minitest
      nokogiri (>= 1.6)
    rails-html-sanitizer (1.6.0)
      loofah (~> 2.21)
      nokogiri (~> 1.14)
    rails-i18n (7.0.8)
      i18n (>= 0.7, < 2)
      railties (>= 6.0.0, < 8)
    railties (7.1.1)
      actionpack (= 7.1.1)
      activesupport (= 7.1.1)
      irb
      rackup (>= 1.0.0)
      rake (>= 12.2)
      thor (~> 1.0, >= 1.2.2)
      zeitwerk (~> 2.6)
    rainbow (3.1.1)
    rake (13.1.0)
    rbi (0.1.2)
      prism (>= 0.15.1)
      sorbet-runtime (>= 0.5.9204)
    rbtrace (0.4.14)
      ffi (>= 1.0.6)
      msgpack (>= 0.4.3)
      optimist (>= 3.0.0)
    rdoc (6.5.0)
      psych (>= 4.0.0)
    regexp_parser (2.8.2)
    reline (0.3.9)
      io-console (~> 0.5)
    rexml (3.2.6)
    rspec-core (3.12.2)
      rspec-support (~> 3.12.0)
    rspec-expectations (3.12.3)
      diff-lcs (>= 1.2.0, < 2.0)
      rspec-support (~> 3.12.0)
    rspec-mocks (3.12.6)
      diff-lcs (>= 1.2.0, < 2.0)
      rspec-support (~> 3.12.0)
    rspec-rails (6.0.3)
      actionpack (>= 6.1)
      activesupport (>= 6.1)
      railties (>= 6.1)
      rspec-core (~> 3.12)
      rspec-expectations (~> 3.12)
      rspec-mocks (~> 3.12)
      rspec-support (~> 3.12)
    rspec-support (3.12.1)
    rubocop (1.57.2)
      json (~> 2.3)
      language_server-protocol (>= 3.17.0)
      parallel (~> 1.10)
      parser (>= 3.2.2.4)
      rainbow (>= 2.2.2, < 4.0)
      regexp_parser (>= 1.8, < 3.0)
      rexml (>= 3.2.5, < 4.0)
      rubocop-ast (>= 1.28.1, < 2.0)
      ruby-progressbar (~> 1.7)
      unicode-display_width (>= 2.4.0, < 3.0)
    rubocop-ast (1.30.0)
      parser (>= 3.2.1.0)
    rubocop-capybara (2.19.0)
      rubocop (~> 1.41)
    rubocop-factory_bot (2.24.0)
      rubocop (~> 1.33)
    rubocop-performance (1.19.1)
      rubocop (>= 1.7.0, < 2.0)
      rubocop-ast (>= 0.4.0)
    rubocop-rails (2.22.1)
      activesupport (>= 4.2.0)
      rack (>= 1.1)
      rubocop (>= 1.33.0, < 2.0)
    rubocop-rspec (2.25.0)
      rubocop (~> 1.40)
      rubocop-capybara (~> 2.17)
      rubocop-factory_bot (~> 2.22)
    ruby-progressbar (1.13.0)
    ruby2_keywords (0.0.5)
    rubyzip (2.3.2)
    sawyer (0.9.2)
      addressable (>= 2.3.5)
      faraday (>= 0.17.3, < 3)
    selenium-webdriver (4.15.0)
      rexml (~> 3.2, >= 3.2.5)
      rubyzip (>= 1.2.2, < 3.0)
      websocket (~> 1.0)
    skylight (6.0.1)
      activesupport (>= 5.2.0)
    smart_properties (1.17.0)
    sorbet (0.5.11109)
      sorbet-static (= 0.5.11109)
    sorbet-runtime (0.5.11109)
    sorbet-static (0.5.11109-java)
    sorbet-static (0.5.11109-universal-darwin)
    sorbet-static (0.5.11109-x86_64-linux)
    sorbet-static-and-runtime (0.5.11109)
      sorbet (= 0.5.11109)
      sorbet-runtime (= 0.5.11109)
    spoom (1.2.4)
      erubi (>= 1.10.0)
      sorbet-static-and-runtime (>= 0.5.10187)
      syntax_tree (>= 6.1.1)
      thor (>= 0.19.2)
    spoon (0.0.6)
      ffi
    stackprof (0.2.25)
    stringio (3.0.8)
    syntax_tree (6.2.0)
      prettier_print (>= 1.2.0)
    tapioca (0.11.10)
      bundler (>= 2.2.25)
      netrc (>= 0.11.0)
      parallel (>= 1.21.0)
      rbi (~> 0.1.0, >= 0.1.0)
      sorbet-static-and-runtime (>= 0.5.10187)
      spoom (~> 1.2.0, >= 1.2.0)
      thor (>= 1.2.0)
      yard-sorbet
    terminal-table (3.0.2)
      unicode-display_width (>= 1.1.1, < 3)
    thor (1.3.0)
    thread (0.2.2)
    thread_safe (0.3.6)
    thread_safe (0.3.6-java)
    timeout (0.4.0)
    timers (4.3.5)
    tomlrb (2.0.3)
    traces (0.11.1)
    tzinfo (2.0.6)
      concurrent-ruby (~> 1.0)
    unicode-display_width (2.5.0)
    webrick (1.8.1)
    websocket (1.2.10)
    websocket-driver (0.7.6)
      websocket-extensions (>= 0.1.0)
    websocket-driver (0.7.6-java)
      websocket-extensions (>= 0.1.0)
    websocket-extensions (0.1.5)
    xpath (3.2.0)
      nokogiri (~> 1.8)
    yard (0.9.34)
    yard-activesupport-concern (0.0.1)
      yard (>= 0.8)
    yard-sorbet (0.8.1)
      sorbet-runtime (>= 0.5)
      yard (>= 0.9)
    zeitwerk (2.6.12)

PLATFORMS
  arm64-darwin
  arm64-darwin-22
  java
  universal-java-11
  universal-java-17
  universal-java-20
  x86_64-darwin
  x86_64-linux

DEPENDENCIES
  activerecord-explain-analyze
  activerecord-jdbcpostgresql-adapter
  appraisal
  benchmark-ips
  capybara
  dotenv
  easy_translate
  erb_lint
  foreman
  gem-release
  github_changelog_generator
  good_job!
  i18n-tasks
  kramdown
  kramdown-parser-gfm
  matrix
  mdl
  net-imap
  net-pop
  net-smtp
  nokogiri
  pg
  pry-byebug
  pry-rails
  puma (~> 5.6)
  rack (~> 2.2)
  rack-mini-profiler
  rails
  rbtrace
  rspec-rails
  rubocop
  rubocop-performance
  rubocop-rails
  rubocop-rspec
  selenium-webdriver
  skylight
  sorbet
  sorbet-runtime
  spoom
  stackprof
  tapioca
  yard
  yard-activesupport-concern

RUBY VERSION
   ruby 3.2.2p53

BUNDLED WITH
   2.4.21
