PATH
  remote: .
  specs:
    good_job (0.2.0)
      concurrent-ruby (>= 1.0.2)
      rails (>= 5.1.0)
      thor (>= 0.14.1)

GEM
  remote: https://rubygems.org/
  specs:
    actioncable (6.0.2.1)
      actionpack (= 6.0.2.1)
      nio4r (~> 2.0)
      websocket-driver (>= 0.6.1)
    actionmailbox (6.0.2.1)
      actionpack (= 6.0.2.1)
      activejob (= 6.0.2.1)
      activerecord (= 6.0.2.1)
      activestorage (= 6.0.2.1)
      activesupport (= 6.0.2.1)
      mail (>= 2.7.1)
    actionmailer (6.0.2.1)
      actionpack (= 6.0.2.1)
      actionview (= 6.0.2.1)
      activejob (= 6.0.2.1)
      mail (~> 2.5, >= 2.5.4)
      rails-dom-testing (~> 2.0)
    actionpack (6.0.2.1)
      actionview (= 6.0.2.1)
      activesupport (= 6.0.2.1)
      rack (~> 2.0, >= 2.0.8)
      rack-test (>= 0.6.3)
      rails-dom-testing (~> 2.0)
      rails-html-sanitizer (~> 1.0, >= 1.2.0)
    actiontext (6.0.2.1)
      actionpack (= 6.0.2.1)
      activerecord (= 6.0.2.1)
      activestorage (= 6.0.2.1)
      activesupport (= 6.0.2.1)
      nokogiri (>= 1.8.5)
    actionview (6.0.2.1)
      activesupport (= 6.0.2.1)
      builder (~> 3.1)
      erubi (~> 1.4)
      rails-dom-testing (~> 2.0)
      rails-html-sanitizer (~> 1.1, >= 1.2.0)
    activejob (6.0.2.1)
      activesupport (= 6.0.2.1)
      globalid (>= 0.3.6)
    activemodel (6.0.2.1)
      activesupport (= 6.0.2.1)
    activerecord (6.0.2.1)
      activemodel (= 6.0.2.1)
      activesupport (= 6.0.2.1)
    activestorage (6.0.2.1)
      actionpack (= 6.0.2.1)
      activejob (= 6.0.2.1)
      activerecord (= 6.0.2.1)
      marcel (~> 0.3.1)
    activesupport (6.0.2.1)
      concurrent-ruby (~> 1.0, >= 1.0.2)
      i18n (>= 0.7, < 2)
      minitest (~> 5.1)
      tzinfo (~> 1.1)
      zeitwerk (~> 2.2)
    addressable (2.7.0)
      public_suffix (>= 2.0.2, < 5.0)
    appraisal (2.2.0)
      bundler
      rake
      thor (>= 0.14.0)
    builder (3.2.4)
    concurrent-ruby (1.1.6)
    crass (1.0.6)
    database_cleaner (1.8.3)
    diff-lcs (1.3)
    erubi (1.9.0)
    faraday (0.17.3)
      multipart-post (>= 1.2, < 3)
    faraday-http-cache (2.0.0)
      faraday (~> 0.8)
    gem-release (2.1.1)
    github_changelog_generator (1.15.0)
      activesupport
      faraday-http-cache
      multi_json
      octokit (~> 4.6)
      rainbow (>= 2.2.1)
      rake (>= 10.0)
      retriable (~> 3.0)
    globalid (0.4.2)
      activesupport (>= 4.2.0)
    i18n (1.8.2)
      concurrent-ruby (~> 1.0)
    loofah (2.4.0)
      crass (~> 1.0.2)
      nokogiri (>= 1.5.9)
    mail (2.7.1)
      mini_mime (>= 0.1.1)
    marcel (0.3.3)
      mimemagic (~> 0.3.2)
    method_source (0.9.2)
    mimemagic (0.3.4)
    mini_mime (1.0.2)
    mini_portile2 (2.4.0)
    minitest (5.14.0)
    multi_json (1.14.1)
    multipart-post (2.1.1)
    nio4r (2.5.2)
    nokogiri (1.10.9)
      mini_portile2 (~> 2.4.0)
    octokit (4.16.0)
      faraday (>= 0.9)
      sawyer (~> 0.8.0, >= 0.5.3)
    pg (0.21.0)
    public_suffix (4.0.3)
    rack (2.1.2)
    rack-test (1.1.0)
      rack (>= 1.0, < 3)
    rails (6.0.2.1)
      actioncable (= 6.0.2.1)
      actionmailbox (= 6.0.2.1)
      actionmailer (= 6.0.2.1)
      actionpack (= 6.0.2.1)
      actiontext (= 6.0.2.1)
      actionview (= 6.0.2.1)
      activejob (= 6.0.2.1)
      activemodel (= 6.0.2.1)
      activerecord (= 6.0.2.1)
      activestorage (= 6.0.2.1)
      activesupport (= 6.0.2.1)
      bundler (>= 1.3.0)
      railties (= 6.0.2.1)
      sprockets-rails (>= 2.0.0)
    rails-dom-testing (2.0.3)
      activesupport (>= 4.2.0)
      nokogiri (>= 1.6)
    rails-html-sanitizer (1.3.0)
      loofah (~> 2.3)
    railties (6.0.2.1)
      actionpack (= 6.0.2.1)
      activesupport (= 6.0.2.1)
      method_source
      rake (>= 0.8.7)
      thor (>= 0.20.3, < 2.0)
    rainbow (3.0.0)
    rake (13.0.1)
    retriable (3.1.2)
    rspec-core (3.9.1)
      rspec-support (~> 3.9.1)
    rspec-expectations (3.9.0)
      diff-lcs (>= 1.2.0, < 2.0)
      rspec-support (~> 3.9.0)
    rspec-mocks (3.9.1)
      diff-lcs (>= 1.2.0, < 2.0)
      rspec-support (~> 3.9.0)
    rspec-rails (3.9.0)
      actionpack (>= 3.0)
      activesupport (>= 3.0)
      railties (>= 3.0)
      rspec-core (~> 3.9.0)
      rspec-expectations (~> 3.9.0)
      rspec-mocks (~> 3.9.0)
      rspec-support (~> 3.9.0)
    rspec-support (3.9.2)
    sawyer (0.8.2)
      addressable (>= 2.3.5)
      faraday (> 0.8, < 2.0)
    sprockets (4.0.0)
      concurrent-ruby (~> 1.0)
      rack (> 1, < 3)
    sprockets-rails (3.2.1)
      actionpack (>= 4.0)
      activesupport (>= 4.0)
      sprockets (>= 3.0.0)
    thor (1.0.1)
    thread_safe (0.3.6)
    tzinfo (1.2.6)
      thread_safe (~> 0.1)
    websocket-driver (0.7.1)
      websocket-extensions (>= 0.1.0)
    websocket-extensions (0.1.4)
    zeitwerk (2.2.2)

PLATFORMS
  ruby

DEPENDENCIES
  appraisal
  database_cleaner
  gem-release
  github_changelog_generator
  good_job!
  pg
  rspec-rails

BUNDLED WITH
   2.1.2
